PATH
  remote: .
  specs:
    go_fast_blank (0.1.0)

GEM
  remote: https://rubygems.org/
  specs:
    benchmark-ips (2.3.0)
    diff-lcs (1.2.5)
    rake (10.4.2)
    rake-compiler (0.9.5)
      rake
    rspec (3.3.0)
      rspec-core (~> 3.3.0)
      rspec-expectations (~> 3.3.0)
      rspec-mocks (~> 3.3.0)
    rspec-core (3.3.2)
      rspec-support (~> 3.3.0)
    rspec-expectations (3.3.1)
      diff-lcs (>= 1.2.0, < 2.0)
      rspec-support (~> 3.3.0)
    rspec-mocks (3.3.2)
      diff-lcs (>= 1.2.0, < 2.0)
      rspec-support (~> 3.3.0)
    rspec-support (3.3.0)

PLATFORMS
  ruby

DEPENDENCIES
  benchmark-ips
  go_fast_blank!
  rake-compiler
  rspec

BUNDLED WITH
   1.10.6
